GEM
  remote: https://rubygems.org/
  specs:
    jekyll (4.3.4)
      addressable (~> 2.4)
      colorator (~> 1.0)
      em-websocket (~> 0.5)
      i18n (~> 1.0)
      jekyll-sass-converter (>= 2.0, < 4.0)
      jekyll-watch (~> 2.0)
      kramdown (~> 2.3, >= 2.3.1)
      kramdown-parser-gfm (~> 1.0)
      liquid (~> 4.0)
      mercenary (>= 0.3.6, < 0.5)
      pathutil (~> 0.9)
      rouge (>= 3.0, < 5.0)
      safe_yaml (~> 1.0)
      terminal-table (>= 1.8, < 4.0)
      webrick (~> 1.7)
    jekyll-feed (0.12.0)
      jekyll (>= 3.7, < 5.0)
    tzinfo (2.0.0)
    tzinfo-data (1.2021.5)
    gem "just-the-docs"


PLATFORMS
  ruby

DEPENDENCIES
  jekyll (~> 4.3.4)
  jekyll-feed (~> 0.12)
  tzinfo (>= 1, < 3)
  tzinfo-data

BUNDLED WITH
   2.5.23
